GEM
  remote: https://rubygems.org/
  specs:
    comp_tree (1.1.3)
    concurrent-ruby (1.1.5)
    domain_name (0.5.20190701)
      unf (>= 0.0.5, < 1.0.0)
    drake (0.9.2.0.3.1)
      comp_tree (>= 1.1.3)
    http-accept (1.7.0)
    http-cookie (1.0.3)
      domain_name (~> 0.5)
    mime-types (3.3)
      mime-types-data (~> 3.2015)
    mime-types-data (3.2019.0904)
    netrc (0.11.0)
    paint (2.1.0)
    rest-client (2.1.0)
      http-accept (>= 1.7.0, < 2.0)
      http-cookie (>= 1.0.2, < 2.0)
      mime-types (>= 1.16, < 4.0)
      netrc (~> 0.8)
    unf (0.1.4)
      unf_ext
    unf_ext (0.0.7.6)

PLATFORMS
  ruby

DEPENDENCIES
  concurrent-ruby
  drake
  paint
  rest-client

BUNDLED WITH
   2.2.28
